NUGET
  remote: http://api.nuget.org/v3/index.json
  specs:
    FAKE (4.11.3)
    FAKE.Lib (4.11.3)
    FAKE.Persimmon (1.0.2)
      FAKE.Lib (>= 4.1.0)
    FSharp.Data (2.2.5)
      Zlib.Portable (>= 1.10.0) - framework: .NETPortable0.0-net40+sl5+wp8+win8
    FSharp.TypeProviders.StarterPack (1.1.3.76)
    Microsoft.Bcl (1.1.10)
      Microsoft.Bcl.Build (>= 1.0.14)
    Microsoft.Bcl.Build (1.0.21) - import_targets: false
    Microsoft.Net.Http (2.2.29)
      Microsoft.Bcl (>= 1.1.10)
      Microsoft.Bcl.Build (>= 1.0.14)
    Nuget.CommandLine (3.3.0)
    Octokit (0.17.0)
      Microsoft.Net.Http
    Persimmon (1.0.1)
    Persimmon.Console (1.0.1)
    SourceLink.Fake (1.1.0)
    Zlib.Portable (1.11.0) - framework: .NETPortable0.0-net40+sl5+wp8+win8
GITHUB
  remote: fsharp/FAKE
  specs:
    modules/Octokit/Octokit.fsx (29cd4ee57792f0f35e18bd97d4517eb8c94de569)
      Octokit